GIT
  remote: git://github.com/Empact/rr.git
  revision: 29ef8b6cc65b6b594cab46552af614c3ffd511b7
  specs:
    rr (1.0.4)

GEM
  remote: http://rubygems.org/
  specs:
    Empact-activerecord-import (0.4.3)
      activerecord (>= 3.0.0)
    Empact-authlogic (3.0.3)
      activerecord (>= 3.0.7)
      activerecord (>= 3.0.7)
    Empact-authlogic_rpx (2.0.0)
      Empact-authlogic (>= 2.1.3)
      Empact-rpx_now (>= 0.6.12)
    Empact-rpx_now (0.7.0)
      json_pure
    Empact-sexy_pg_constraints (0.2.3)
      activerecord (>= 3.0.0)
      pg
    Paperclip-Autosizer (0.0.1)
    actionmailer (3.1.8)
      actionpack (= 3.1.8)
      mail (~> 2.3.3)
    actionpack (3.1.8)
      activemodel (= 3.1.8)
      activesupport (= 3.1.8)
      builder (~> 3.0.0)
      erubis (~> 2.7.0)
      i18n (~> 0.6)
      rack (~> 1.3.6)
      rack-cache (~> 1.2)
      rack-mount (~> 0.8.2)
      rack-test (~> 0.6.1)
      sprockets (~> 2.0.4)
    activemodel (3.1.8)
      activesupport (= 3.1.8)
      builder (~> 3.0.0)
      i18n (~> 0.6)
    activerecord (3.1.8)
      activemodel (= 3.1.8)
      activesupport (= 3.1.8)
      arel (~> 2.2.3)
      tzinfo (~> 0.3.29)
    activerecord-postgis-adapter (0.6.5)
      rgeo-activerecord (~> 0.5.0)
    activeresource (3.1.8)
      activemodel (= 3.1.8)
      activesupport (= 3.1.8)
    activesupport (3.1.8)
      multi_json (>= 1.0, < 1.3)
    addressable (2.2.8)
    airbrake (3.0.9)
      activesupport
      builder
    ancestry (1.2.5)
      activerecord (>= 2.2.2)
    arel (2.2.3)
    auto_tagger (0.2.6)
      capistrano (>= 2.5.3)
    babosa (0.3.7)
    bluecloth (2.2.0)
    bson (1.6.2)
    bson_ext (1.6.2)
      bson (~> 1.6.2)
    builder (3.0.4)
    capistrano (2.12.0)
      highline
      net-scp (>= 1.0.0)
      net-sftp (>= 2.0.0)
      net-ssh (>= 2.0.14)
      net-ssh-gateway (>= 1.1.0)
    capistrano-ext (1.2.1)
      capistrano (>= 1.0.0)
    capistrano_colors (0.5.5)
    capybara (1.1.2)
      mime-types (>= 1.16)
      nokogiri (>= 1.3.3)
      rack (>= 1.0.0)
      rack-test (>= 0.5.4)
      selenium-webdriver (~> 2.0)
      xpath (~> 0.1.4)
    childprocess (0.3.5)
      ffi (~> 1.0, >= 1.0.6)
    cocaine (0.2.1)
    coffee-rails (3.1.1)
      coffee-script (>= 2.2.0)
      railties (~> 3.1.0)
    coffee-script (2.2.0)
      coffee-script-source
      execjs
    coffee-script-source (1.3.1)
    columnize (0.3.6)
    cucumber (1.2.1)
      builder (>= 2.1.2)
      diff-lcs (>= 1.1.3)
      gherkin (~> 2.11.0)
      json (>= 1.4.6)
    cucumber-rails (1.3.0)
      capybara (>= 1.1.2)
      cucumber (>= 1.1.8)
      nokogiri (>= 1.5.0)
    daemons (1.1.8)
    database_cleaner (0.7.2)
    debugger (1.1.1)
      columnize (>= 0.3.1)
      debugger-linecache (~> 1.1)
      debugger-ruby_core_source (~> 1.1)
    debugger-linecache (1.1.1)
      debugger-ruby_core_source (>= 1.1.1)
    debugger-ruby_core_source (1.1.1)
    declarative_authorization (0.5.5)
    delayed_job (3.0.2)
      activesupport (~> 3.0)
    delayed_job_active_record (0.3.2)
      activerecord (> 2.1.0)
      delayed_job (~> 3.0.0)
    diff-lcs (1.1.3)
    dynamic_form (1.1.4)
    erubis (2.7.0)
    escape (0.0.4)
    eventmachine (0.12.10)
    excelsior (0.1.0)
    execjs (1.3.0)
      multi_json (~> 1.0)
    fakeweb (1.3.0)
    ffi (1.1.5)
    fixjour (0.5.3)
      activerecord
    foreigner (1.4.2)
      activerecord (>= 3.0.0)
    forgery (0.5.0)
    friendly_id (4.0.4)
    geokit (1.6.5)
      multi_json
    georuby (1.9.7)
    gherkin (2.11.2)
      json (>= 1.4.6)
    gravtastic (3.1.0)
    highline (1.6.11)
    hike (1.2.1)
    hpricot (0.8.6)
    httparty (0.8.2)
      multi_json
      multi_xml
    i18n (0.6.4)
    json (1.7.5)
    json_pure (1.6.6)
    kaminari (0.13.0)
      actionpack (>= 3.0.0)
      activesupport (>= 3.0.0)
      railties (>= 3.0.0)
    launchy (2.1.0)
      addressable (~> 2.2.6)
    libwebsocket (0.1.5)
      addressable
    loofah (1.2.1)
      nokogiri (>= 1.4.4)
    mail (2.3.3)
      i18n (>= 0.4.0)
      mime-types (~> 1.16)
      treetop (~> 1.4.8)
    mime-types (1.19)
    mongo (1.6.2)
      bson (~> 1.6.2)
    mongo_mapper (0.11.1)
      activemodel (~> 3.0)
      activesupport (~> 3.0)
      plucky (~> 0.4.0)
    multi_json (1.2.0)
    multi_xml (0.4.4)
    net-scp (1.0.4)
      net-ssh (>= 1.99.1)
    net-sftp (2.0.5)
      net-ssh (>= 2.0.9)
    net-ssh (2.3.0)
    net-ssh-gateway (1.1.0)
      net-ssh (>= 1.99.1)
    newrelic_rpm (3.3.3)
    nokogiri (1.5.5)
    paperclip (3.0.2)
      activemodel (>= 3.0.0)
      activerecord (>= 3.0.0)
      activesupport (>= 3.0.0)
      cocaine (>= 0.0.2)
      mime-types
    parallel (0.5.16)
    patron (0.4.18)
    pg (0.13.2)
    plucky (0.4.4)
      mongo (~> 1.5)
    polyglot (0.3.3)
    pr_geohash (1.0.0)
    rack (1.3.6)
    rack-cache (1.2)
      rack (>= 0.4)
    rack-mount (0.8.3)
      rack (>= 1.0.0)
    rack-ssl (1.3.2)
      rack
    rack-test (0.6.1)
      rack (>= 1.0)
    rails (3.1.8)
      actionmailer (= 3.1.8)
      actionpack (= 3.1.8)
      activerecord (= 3.1.8)
      activeresource (= 3.1.8)
      activesupport (= 3.1.8)
      bundler (~> 1.0)
      railties (= 3.1.8)
    railties (3.1.8)
      actionpack (= 3.1.8)
      activesupport (= 3.1.8)
      rack-ssl (~> 1.3.2)
      rake (>= 0.8.7)
      rdoc (~> 3.4)
      thor (~> 0.14.6)
    rake (0.9.2.2)
    rdoc (3.12)
      json (~> 1.4)
    rgeo (0.3.20)
    rgeo-activerecord (0.5.0)
      activerecord (>= 3.0.3)
      arel (>= 2.0.6)
      rgeo (>= 0.3.20)
    rpx_now (0.6.24)
      json_pure
    rsolr (1.0.7)
      builder (>= 2.1.2)
    rspec (2.9.0)
      rspec-core (~> 2.9.0)
      rspec-expectations (~> 2.9.0)
      rspec-mocks (~> 2.9.0)
    rspec-core (2.9.0)
    rspec-expectations (2.9.1)
      diff-lcs (~> 1.1.3)
    rspec-mocks (2.9.0)
    rspec-rails (2.9.0)
      actionpack (>= 3.0)
      activesupport (>= 3.0)
      railties (>= 3.0)
      rspec (~> 2.9.0)
    rubyzip (0.9.9)
    rvm (1.11.3.3)
    sass (3.1.15)
    sass-rails (3.1.6)
      actionpack (~> 3.1.0)
      railties (~> 3.1.0)
      sass (>= 3.1.10)
      tilt (~> 1.3.2)
    selenium-webdriver (2.25.0)
      childprocess (>= 0.2.5)
      libwebsocket (~> 0.1.3)
      multi_json (~> 1.0)
      rubyzip
    sprockets (2.0.4)
      hike (~> 1.2)
      rack (~> 1.0)
      tilt (~> 1.1, != 1.3.0)
    state_machine (1.1.2)
    sunspot (1.3.1)
      escape (~> 0.0.4)
      pr_geohash (~> 1.0)
      rsolr (~> 1.0.7)
    sunspot_rails (1.3.1)
      nokogiri
      sunspot (= 1.3.1)
    sunspot_solr (1.3.1)
      escape (~> 0.0.4)
    sunspot_with_kaminari (0.1.0)
      kaminari
      sunspot_rails
    tamtam (0.0.3)
      hpricot
    thin (1.3.1)
      daemons (>= 1.0.9)
      eventmachine (>= 0.12.6)
      rack (>= 1.0.0)
    thor (0.14.6)
    tilt (1.3.3)
    treetop (1.4.10)
      polyglot
      polyglot (>= 0.3.1)
    typhoeus (0.3.3)
      mime-types
    tzinfo (0.3.37)
    uglifier (1.2.4)
      execjs (>= 0.3.0)
      multi_json (>= 1.0.2)
    votesmart (0.4.1)
      patron (>= 0.4.6)
    xpath (0.1.4)
      nokogiri (~> 1.3)
    ym4r (0.6.1)

PLATFORMS
  ruby

DEPENDENCIES
  Empact-activerecord-import (>= 0.3.4)
  Empact-authlogic (>= 3.0.3)
  Empact-authlogic_rpx (>= 2.0.0)
  Empact-sexy_pg_constraints
  Paperclip-Autosizer
  activerecord-postgis-adapter
  airbrake
  ancestry (>= 1.2.0)
  auto_tagger
  babosa
  bluecloth (>= 2.0.5)
  bson_ext
  capistrano
  capistrano-ext
  capistrano_colors
  capybara
  coffee-rails (~> 3.1.0)
  cucumber
  cucumber-rails
  daemons
  database_cleaner
  debugger
  declarative_authorization
  delayed_job_active_record
  dynamic_form
  erubis (>= 2.6.6)
  excelsior
  fakeweb
  fixjour
  foreigner
  forgery
  friendly_id (>= 4.0.0)
  geokit
  georuby
  gravtastic (= 3.1.0)
  httparty
  kaminari
  launchy
  loofah
  mongo_mapper
  newrelic_rpm (>= 2.12.3)
  nokogiri
  paperclip (>= 2.3.3)
  parallel
  pg
  rails (= 3.1.8)
  rpx_now (>= 0.6.12)
  rr!
  rspec-rails
  rvm
  sass-rails (~> 3.1.0)
  state_machine
  sunspot_rails
  sunspot_solr
  sunspot_with_kaminari
  tamtam
  thin
  typhoeus
  uglifier
  votesmart (>= 0.3.3)
  ym4r
