GEM
  remote: http://rubygems.org/
  specs:
    Empact-authlogic (2.1.5)
      activesupport
    Empact-authlogic_rpx (1.1.8)
      Empact-authlogic (>= 2.1.3)
      Empact-rpx_now (>= 0.6.12)
    Empact-rpx_now (0.7.0)
      json_pure
    Empact-sexy_pg_constraints (0.2.3)
      activerecord (>= 3.0.0)
      pg
    GeoRuby (1.3.4)
    POpen4 (0.1.4)
      Platform (>= 0.4.0)
      open4
    Platform (0.4.0)
    abstract (1.0.0)
    actionmailer (3.0.9)
      actionpack (= 3.0.9)
      mail (~> 2.2.19)
    actionpack (3.0.9)
      activemodel (= 3.0.9)
      activesupport (= 3.0.9)
      builder (~> 2.1.2)
      erubis (~> 2.6.6)
      i18n (~> 0.5.0)
      rack (~> 1.2.1)
      rack-mount (~> 0.6.14)
      rack-test (~> 0.5.7)
      tzinfo (~> 0.3.23)
    activemodel (3.0.9)
      activesupport (= 3.0.9)
      builder (~> 2.1.2)
      i18n (~> 0.5.0)
    activerecord (3.0.9)
      activemodel (= 3.0.9)
      activesupport (= 3.0.9)
      arel (~> 2.0.10)
      tzinfo (~> 0.3.23)
    activeresource (3.0.9)
      activemodel (= 3.0.9)
      activesupport (= 3.0.9)
    activesupport (3.0.9)
    ancestry (1.2.4)
      activerecord (>= 2.2.2)
    arel (2.0.10)
    babosa (0.3.5)
    bluecloth (2.1.0)
    bson (1.3.1)
    bson_ext (1.3.1)
    builder (2.1.2)
    cocaine (0.1.0)
    crack (0.1.8)
    daemons (1.1.4)
    declarative_authorization (0.5.3)
    delayed_job (2.1.4)
      activesupport (~> 3.0)
      daemons
    diff-lcs (1.1.2)
    erubis (2.6.6)
      abstract (>= 1.0.0)
    escape (0.0.4)
    eventmachine (0.12.10)
    excelsior (0.1.0)
    facter (1.6.0)
    fastercsv (1.5.4)
    foreigner (1.1.0)
      activerecord (>= 3.0.0)
    friendly_id (3.2.1.1)
      babosa (~> 0.3.0)
    geokit (1.6.0)
    gravtastic (3.1.0)
    hoptoad_notifier (2.4.11)
      activesupport
      builder
    hpricot (0.8.4)
    httparty (0.7.8)
      crack (= 0.1.8)
    i18n (0.5.0)
    jammit (0.6.3)
      yui-compressor (>= 0.9.3)
    json (1.5.3)
    json_pure (1.5.3)
    kaminari (0.12.4)
      rails (>= 3.0.0)
    loofah (1.0.0)
      nokogiri (>= 1.3.3)
    mail (2.2.19)
      activesupport (>= 2.3.6)
      i18n (>= 0.4.0)
      mime-types (~> 1.16)
      treetop (~> 1.4.8)
    mime-types (1.16)
    mongo (1.3.1)
      bson (>= 1.3.1)
    mongo_mapper (0.9.1)
      activemodel (~> 3.0)
      activesupport (~> 3.0)
      plucky (~> 0.3.8)
    mongo_session_store (2.0.0)
      actionpack (~> 3.0)
    newrelic_rpm (3.1.1)
    nokogiri (1.5.0)
    open4 (1.1.0)
    paperclip (2.3.16)
      activerecord (>= 2.3.0)
      activesupport (>= 2.3.2)
      cocaine (>= 0.0.2)
      mime-types
    parallel (0.5.5)
    patron (0.4.14)
    pg (0.11.0)
    plucky (0.3.8)
      mongo (~> 1.3)
    polyglot (0.3.2)
    pr_geohash (1.0.0)
    puppet (2.7.1)
      facter (>= 1.5.1)
    rack (1.2.3)
    rack-mount (0.6.14)
      rack (>= 1.0.0)
    rack-test (0.5.7)
      rack (>= 1.0)
    rails (3.0.9)
      actionmailer (= 3.0.9)
      actionpack (= 3.0.9)
      activerecord (= 3.0.9)
      activeresource (= 3.0.9)
      activesupport (= 3.0.9)
      bundler (~> 1.0)
      railties (= 3.0.9)
    railties (3.0.9)
      actionpack (= 3.0.9)
      activesupport (= 3.0.9)
      rake (>= 0.8.7)
      rdoc (~> 3.4)
      thor (~> 0.14.4)
    rake (0.9.2)
    rdoc (3.9.1)
    rpx_now (0.6.24)
      json_pure
    rsolr (0.12.1)
      builder (>= 2.1.2)
    rspec (2.6.0)
      rspec-core (~> 2.6.0)
      rspec-expectations (~> 2.6.0)
      rspec-mocks (~> 2.6.0)
    rspec-core (2.6.4)
    rspec-expectations (2.6.0)
      diff-lcs (~> 1.1.2)
    rspec-mocks (2.6.0)
    rspec-rails (2.6.1)
      actionpack (~> 3.0)
      activesupport (~> 3.0)
      railties (~> 3.0)
      rspec (~> 2.6.0)
    spatial_adapter (1.2.0)
      GeoRuby (>= 1.3.0)
      activerecord (>= 2.2.2)
    state_machine (1.0.1)
    sunspot (1.2.1)
      escape (= 0.0.4)
      pr_geohash (~> 1.0)
      rsolr (= 0.12.1)
    sunspot_rails (1.2.1)
      nokogiri
      sunspot (= 1.2.1)
    tamtam (0.0.3)
      hpricot
    thin (1.2.11)
      daemons (>= 1.0.9)
      eventmachine (>= 0.12.6)
      rack (>= 1.0.0)
    thor (0.14.6)
    treetop (1.4.10)
      polyglot
      polyglot (>= 0.3.1)
    typhoeus (0.2.4)
      mime-types
      mime-types
    tzinfo (0.3.29)
    votesmart (0.4.0)
      patron (>= 0.4.6)
    ym4r (0.6.1)
    yui-compressor (0.9.6)
      POpen4 (>= 0.1.4)

PLATFORMS
  ruby

DEPENDENCIES
  Empact-authlogic (>= 2.1.5)
  Empact-authlogic_rpx (>= 1.1.8)
  Empact-sexy_pg_constraints
  ancestry (>= 1.2.0)
  bluecloth (>= 2.0.5)
  bson_ext
  declarative_authorization
  delayed_job (>= 2.0.3)
  erubis (>= 2.6.6)
  excelsior
  fastercsv
  foreigner
  friendly_id (>= 3.0.6)
  geokit
  gravtastic (= 3.1.0)
  hoptoad_notifier (>= 2.3.2)
  httparty
  jammit (>= 0.5.3)
  json (>= 1.4.3)
  kaminari
  loofah
  mongo_mapper
  mongo_session_store
  newrelic_rpm (>= 2.12.3)
  nokogiri
  paperclip (>= 2.3.3)
  parallel
  pg
  puppet (>= 2.6.0)
  rails (= 3.0.9)
  rpx_now (>= 0.6.12)
  rspec-rails
  spatial_adapter
  state_machine
  sunspot_rails
  tamtam
  thin
  typhoeus
  votesmart (>= 0.3.3)
  ym4r
