GIT
  remote: git://github.com/Empact/spatial_adapter.git
  revision: d64ac1c03c837d6fffddfac1a0dc0818bf10bce6
  specs:
    spatial_adapter (1.2.0)
      GeoRuby (>= 1.3.0)
      activerecord (>= 2.2.2)

GEM
  remote: http://rubygems.org/
  specs:
    Empact-activerecord-import (0.3.4)
      activerecord (>= 3.0.0)
      activerecord (>= 3.0.0)
    Empact-authlogic (3.0.3)
      activerecord (>= 3.0.7)
      activerecord (>= 3.0.7)
    Empact-authlogic_rpx (2.0.0)
      Empact-authlogic (>= 2.1.3)
      Empact-rpx_now (>= 0.6.12)
    Empact-rpx_now (0.7.0)
      json_pure
    Empact-sexy_pg_constraints (0.2.3)
      activerecord (>= 3.0.0)
      pg
    GeoRuby (1.3.4)
    Paperclip-Autosizer (0.0.1)
    actionmailer (3.1.1.rc2)
      actionpack (= 3.1.1.rc2)
      mail (~> 2.3.0)
    actionpack (3.1.1.rc2)
      activemodel (= 3.1.1.rc2)
      activesupport (= 3.1.1.rc2)
      builder (~> 3.0.0)
      erubis (~> 2.7.0)
      i18n (~> 0.6)
      rack (~> 1.3.2)
      rack-cache (~> 1.0.3)
      rack-mount (~> 0.8.2)
      rack-test (~> 0.6.1)
      sprockets (~> 2.0.0)
    activemodel (3.1.1.rc2)
      activesupport (= 3.1.1.rc2)
      builder (~> 3.0.0)
      i18n (~> 0.6)
    activerecord (3.1.1.rc2)
      activemodel (= 3.1.1.rc2)
      activesupport (= 3.1.1.rc2)
      arel (~> 2.2.1)
      tzinfo (~> 0.3.29)
    activeresource (3.1.1.rc2)
      activemodel (= 3.1.1.rc2)
      activesupport (= 3.1.1.rc2)
    activesupport (3.1.1.rc2)
      multi_json (~> 1.0)
    addressable (2.2.6)
    ancestry (1.2.4)
      activerecord (>= 2.2.2)
    archive-tar-minitar (0.5.2)
    arel (2.2.1)
    auto_tagger (0.2.3)
      capistrano (>= 2.5.3)
    babosa (0.3.5)
    bluecloth (2.1.0)
    bson (1.3.1)
    bson_ext (1.3.1)
    builder (3.0.0)
    capistrano (2.8.0)
      highline
      net-scp (>= 1.0.0)
      net-sftp (>= 2.0.0)
      net-ssh (>= 2.0.14)
      net-ssh-gateway (>= 1.1.0)
    capistrano-ext (1.2.1)
      capistrano (>= 1.0.0)
    capistrano_colors (0.5.4)
    capybara (1.1.1)
      mime-types (>= 1.16)
      nokogiri (>= 1.3.3)
      rack (>= 1.0.0)
      rack-test (>= 0.5.4)
      selenium-webdriver (~> 2.0)
      xpath (~> 0.1.4)
    childprocess (0.2.2)
      ffi (~> 1.0.6)
    cocaine (0.2.0)
    columnize (0.3.4)
    crack (0.1.8)
    cucumber (1.0.3)
      builder (>= 2.1.2)
      diff-lcs (>= 1.1.2)
      gherkin (~> 2.4.18)
      json (>= 1.4.6)
      term-ansicolor (>= 1.0.6)
    cucumber-rails (1.0.2)
      capybara (>= 1.0.0)
      cucumber (~> 1.0.0)
      nokogiri (>= 1.4.6)
    daemons (1.1.4)
    database_cleaner (0.6.7)
    declarative_authorization (0.5.3)
    delayed_job (2.1.4)
      activesupport (~> 3.0)
      daemons
    diff-lcs (1.1.3)
    dynamic_form (1.1.4)
    erubis (2.7.0)
    escape (0.0.4)
    eventmachine (0.12.10)
    excelsior (0.1.0)
    fakeweb (1.3.0)
    fastercsv (1.5.4)
    ffi (1.0.9)
    fixjour (0.5.3)
      activerecord
    foreigner (1.1.1)
      activerecord (>= 3.0.0)
    forgery (0.5.0)
    friendly_id (3.3.0.1)
      babosa (~> 0.3.0)
    geokit (1.6.0)
    georuby (1.9.3)
    gherkin (2.4.18)
      json (>= 1.4.6)
    gravtastic (3.1.0)
    highline (1.6.2)
    hike (1.2.1)
    hoptoad_notifier (2.4.11)
      activesupport
      builder
    hpricot (0.8.4)
    httparty (0.7.8)
      crack (= 0.1.8)
    i18n (0.6.0)
    json (1.5.4)
    json_pure (1.5.4)
      spruz (~> 0.2.8)
    kaminari (0.12.4)
      rails (>= 3.0.0)
    launchy (2.0.5)
      addressable (~> 2.2.6)
    linecache19 (0.5.12)
      ruby_core_source (>= 0.1.4)
    loofah (1.2.0)
      nokogiri (>= 1.4.4)
    mail (2.3.0)
      i18n (>= 0.4.0)
      mime-types (~> 1.16)
      treetop (~> 1.4.8)
    mime-types (1.16)
    mongo (1.3.1)
      bson (>= 1.3.1)
    mongo_mapper (0.9.2)
      activemodel (~> 3.0)
      activesupport (~> 3.0)
      plucky (~> 0.3.8)
    multi_json (1.0.3)
    net-scp (1.0.4)
      net-ssh (>= 1.99.1)
    net-sftp (2.0.5)
      net-ssh (>= 2.0.9)
    net-ssh (2.2.1)
    net-ssh-gateway (1.1.0)
      net-ssh (>= 1.99.1)
    newrelic_rpm (3.1.2)
    nokogiri (1.5.0)
    paperclip (2.4.1)
      activerecord (>= 2.3.0)
      activesupport (>= 2.3.2)
      cocaine (>= 0.0.2)
      mime-types
    parallel (0.5.8)
    patron (0.4.16)
    pg (0.11.0)
    plucky (0.3.8)
      mongo (~> 1.3)
    polyglot (0.3.2)
    pr_geohash (1.0.0)
    rack (1.3.4)
    rack-cache (1.0.3)
      rack (>= 0.4)
    rack-mount (0.8.3)
      rack (>= 1.0.0)
    rack-ssl (1.3.2)
      rack
    rack-test (0.6.1)
      rack (>= 1.0)
    rails (3.1.1.rc2)
      actionmailer (= 3.1.1.rc2)
      actionpack (= 3.1.1.rc2)
      activerecord (= 3.1.1.rc2)
      activeresource (= 3.1.1.rc2)
      activesupport (= 3.1.1.rc2)
      bundler (~> 1.0)
      railties (= 3.1.1.rc2)
    railties (3.1.1.rc2)
      actionpack (= 3.1.1.rc2)
      activesupport (= 3.1.1.rc2)
      rack-ssl (~> 1.3.2)
      rake (>= 0.8.7)
      rdoc (~> 3.4)
      thor (~> 0.14.6)
    rake (0.9.2)
    rdoc (3.9.4)
    rpx_now (0.6.24)
      json_pure
    rr (1.0.4)
    rsolr (0.12.1)
      builder (>= 2.1.2)
    rspec (2.6.0)
      rspec-core (~> 2.6.0)
      rspec-expectations (~> 2.6.0)
      rspec-mocks (~> 2.6.0)
    rspec-core (2.6.4)
    rspec-expectations (2.6.0)
      diff-lcs (~> 1.1.2)
    rspec-mocks (2.6.0)
    rspec-rails (2.6.1)
      actionpack (~> 3.0)
      activesupport (~> 3.0)
      railties (~> 3.0)
      rspec (~> 2.6.0)
    ruby-debug-base19 (0.11.25)
      columnize (>= 0.3.1)
      linecache19 (>= 0.5.11)
      ruby_core_source (>= 0.1.4)
    ruby-debug19 (0.11.6)
      columnize (>= 0.3.1)
      linecache19 (>= 0.5.11)
      ruby-debug-base19 (>= 0.11.19)
    ruby_core_source (0.1.5)
      archive-tar-minitar (>= 0.5.2)
    rubyzip (0.9.4)
    selenium-webdriver (2.5.0)
      childprocess (>= 0.2.1)
      ffi (>= 1.0.7)
      json_pure
      rubyzip
    sprockets (2.0.2)
      hike (~> 1.2)
      rack (~> 1.0)
      tilt (~> 1.1, != 1.3.0)
    spruz (0.2.13)
    state_machine (1.0.2)
    sunspot (1.2.1)
      escape (= 0.0.4)
      pr_geohash (~> 1.0)
      rsolr (= 0.12.1)
    sunspot_rails (1.2.1)
      nokogiri
      sunspot (= 1.2.1)
    sunspot_with_kaminari (0.1.0)
      kaminari
      sunspot_rails
    tamtam (0.0.3)
      hpricot
    term-ansicolor (1.0.6)
    thin (1.2.11)
      daemons (>= 1.0.9)
      eventmachine (>= 0.12.6)
      rack (>= 1.0.0)
    thor (0.14.6)
    tilt (1.3.3)
    treetop (1.4.10)
      polyglot
      polyglot (>= 0.3.1)
    typhoeus (0.2.4)
      mime-types
      mime-types
    tzinfo (0.3.30)
    votesmart (0.4.0)
      patron (>= 0.4.6)
    xpath (0.1.4)
      nokogiri (~> 1.3)
    ym4r (0.6.1)

PLATFORMS
  ruby

DEPENDENCIES
  Empact-activerecord-import (>= 0.3.4)
  Empact-authlogic (>= 3.0.3)
  Empact-authlogic_rpx (>= 2.0.0)
  Empact-sexy_pg_constraints
  Paperclip-Autosizer
  ancestry (>= 1.2.0)
  auto_tagger
  bluecloth (>= 2.0.5)
  bson_ext
  capistrano
  capistrano-ext
  capistrano_colors
  capybara
  cucumber-rails
  database_cleaner
  declarative_authorization
  delayed_job (>= 2.0.3)
  dynamic_form
  erubis (>= 2.6.6)
  excelsior
  fakeweb
  fastercsv
  fixjour
  foreigner
  forgery
  friendly_id (>= 3.0.6)
  geokit
  georuby
  gravtastic (= 3.1.0)
  hoptoad_notifier (>= 2.3.2)
  httparty
  kaminari
  launchy
  loofah
  mongo_mapper
  newrelic_rpm (>= 2.12.3)
  nokogiri
  paperclip (>= 2.3.3)
  parallel
  pg
  rails (= 3.1.1.rc2)
  rpx_now (>= 0.6.12)
  rr
  rspec-rails
  ruby-debug19
  spatial_adapter!
  state_machine
  sunspot_rails
  sunspot_with_kaminari
  tamtam
  thin
  typhoeus
  votesmart (>= 0.3.3)
  ym4r
